GEM
  remote: https://rubygems.org/
  specs:
    crass (1.0.6)
    nokogiri (1.12.5-x86_64-darwin)
      racc (~> 1.4)
    racc (1.5.1)
    sanitize (6.0.0)
      crass (~> 1.0.2)
      nokogiri (>= 1.12.0)

PLATFORMS
  x86_64-darwin-21

DEPENDENCIES
  nokogiri
  sanitize

BUNDLED WITH
   2.2.32
